GIT
  remote: http://github.com/intridea/grape.git
  revision: 6c9f9719a772a8de3d63d5edfadd0ef326a59a62
  branch: frontier
  specs:
    grape (0.1.5)
      hashie (~> 1.2)
      multi_json
      multi_xml
      rack
      rack-mount

GIT
  remote: https://github.com/rack/rack-contrib.git
  revision: af3663ca6200f8292b221acd5a406af33c219249
  specs:
    rack-contrib (1.1.0)
      rack (>= 0.9.1)

GEM
  remote: http://rubygems.org/
  specs:
    hashie (1.2.0)
    multi_json (1.0.4)
    multi_xml (0.4.1)
    rack (1.3.5)
    rack-mount (0.8.3)
      rack (>= 1.0.0)

PLATFORMS
  ruby

DEPENDENCIES
  grape!
  rack (= 1.3.5)
  rack-contrib!
